GEM
  remote: https://rubygems.org/
  specs:
    mini_portile2 (2.2.0)
    mongo (2.4.3)
    bson (>= 4.2.1, < 5.0.0)
    json (2.1.0)
    mustermann (1.0.1)
    nokogiri (1.8.0)
    puma (3.10.0)
    rack (2.0.3)
    rack-protection (2.0.0)
      rack
    sinatra (2.0.0)
      mustermann (~> 1.0)
      rack (~> 2.0)
      rack-protection (= 2.0.0)
      tilt (~> 2.0)
    tilt (2.0.8)

PLATFORMS
  ruby
  x86_64-darwin-16

DEPENDENCIES
  json
  nokogiri
  puma
  sinatra

BUNDLED WITH
   1.15.4